GEM
  remote: https://rubygems.org/
  specs:
    byebug (11.1.3)
    childprocess (0.9.0)
      ffi (~> 1.0, >= 1.0.11)
    csv (3.1.9)
    ffi (1.15.0)
    httparty (0.18.1)
      mime-types (~> 3.0)
      multi_xml (>= 0.5.2)
    language-converter (0.0.9)
    mime-types (3.3.1)
      mime-types-data (~> 3.2015)
    mime-types-data (3.2021.0225)
    multi_xml (0.6.0)
    nokogiri (1.11.2-x86_64-linux)
      racc (~> 1.4)
    racc (1.5.2)
    rubyzip (1.3.0)
    selenium-webdriver (2.53.4)
      childprocess (~> 0.5)
      rubyzip (~> 1.0)
      websocket (~> 1.0)
    websocket (1.2.9)

PLATFORMS
  x86_64-linux

DEPENDENCIES
  byebug
  csv
  httparty
  language-converter (~> 0.0.5)
  nokogiri
  selenium-webdriver (~> 2.53, >= 2.53.4)

BUNDLED WITH
   2.2.14
